PATH
  remote: .
  specs:
    xmlss (0.4.1)
      enumeration (~> 1.3)
      undies (~> 2.2)

PATH
  remote: /Users/kelly/projects/github/undies
  specs:
    undies (2.2.0)

GEM
  remote: http://rubygems.org/
  specs:
    ansi (1.4.1)
    assert (0.7.3)
      assert-view (~> 0.5)
    assert-view (0.5.0)
      ansi (~> 1.3)
      undies (~> 2.0)
    enumeration (1.3.1)
    rake (0.9.2)
    ruby-prof (0.10.8)

PLATFORMS
  ruby

DEPENDENCIES
  assert (~> 0.6)
  bundler (~> 1.0)
  rake (~> 0.9.2)
  ruby-prof
  undies!
  xmlss!
