PATH
  remote: .
  specs:
    xmlss (1.0.0.rc.1)
      enumeration (~> 1.3)
      undies (~> 2.2.1)

GEM
  remote: http://rubygems.org/
  specs:
    ansi (1.4.2)
    assert (0.7.3)
      assert-view (~> 0.5)
    assert-view (0.6.0)
      ansi (~> 1.3)
    enumeration (1.3.1)
    rake (0.9.2)
    ruby-prof (0.10.8)
    undies (2.2.1)
    whysoslow (0.0.2)
      ansi (~> 1.4)

PLATFORMS
  ruby

DEPENDENCIES
  assert (~> 0.7.3)
  assert-view (~> 0.6)
  bundler (~> 1.0)
  rake (~> 0.9.2)
  ruby-prof
  whysoslow (~> 0.0)
  xmlss!
