PATH
  remote: .
  specs:
    xmlss (0.3.0)
      enumeration (~> 1.2)
      nokogiri (~> 1.5.0)

GEM
  remote: http://rubygems.org/
  specs:
    ansi (1.4.1)
    assert (0.7.1)
      assert-view (~> 0.4)
    assert-view (0.4.2)
      ansi (~> 1.3)
      undies (~> 1.1)
    enumeration (1.2.1)
    nokogiri (1.5.0)
    rake (0.9.2.2)
    undies (1.2.0)

PLATFORMS
  ruby

DEPENDENCIES
  assert (~> 0.6)
  bundler (~> 1.0)
  rake (~> 0.9.2)
  xmlss!
